GEM
  remote: https://rubygems.org/
  specs:
    benchmark-ips (2.7.2)
    coderay (1.1.2)
    fastest-csv (0.0.4)
    method_source (0.9.2)
    pry (0.12.2)
      coderay (~> 1.1.0)
      method_source (~> 0.9.0)
    rake (12.3.2)

PLATFORMS
  ruby

DEPENDENCIES
  benchmark-ips
  fastest-csv
  pry (~> 0.12.2)
  rake

BUNDLED WITH
   1.17.2
