GEM
  remote: https://rubygems.org/
  specs:
    activemodel (6.1.3)
      activesupport (= 6.1.3)
    activerecord (6.1.3)
      activemodel (= 6.1.3)
      activesupport (= 6.1.3)
    activesupport (6.1.3)
      concurrent-ruby (~> 1.0, >= 1.0.2)
      i18n (>= 1.6, < 2)
      minitest (>= 5.1)
      tzinfo (~> 2.0)
      zeitwerk (~> 2.3)
    benchmark-ips (2.7.2)
    ccsv (1.1.0)
    charlock_holmes (0.7.6)
    compact_csv (1.0.0)
    concurrent-ruby (1.1.8)
    csv-query (0.1.16)
      activerecord
      charlock_holmes
      sqlite3
      terminal-table
      thor
    fastest-csv (0.0.4)
    i18n (1.8.9)
      concurrent-ruby (~> 1.0)
    import_csv (1.0.3)
    kalibera (0.1)
      memoist (~> 0.11.0)
      rbzip2 (~> 0.2.0)
    memoist (0.11.0)
    minitest (5.14.4)
    rbzip2 (0.2.0)
    rcsv (0.3.1)
    sqlite3 (1.4.0)
    terminal-table (1.8.0)
      unicode-display_width (~> 1.1, >= 1.1.1)
    thor (0.20.3)
    tzinfo (2.0.4)
      concurrent-ruby (~> 1.0)
    unicode-display_width (1.5.0)
    zeitwerk (2.4.2)

PLATFORMS
  ruby

DEPENDENCIES
  benchmark-ips
  ccsv
  compact_csv (~> 1.0)
  csv-query
  fastest-csv
  import_csv
  kalibera
  rcsv

BUNDLED WITH
   1.17.2
